GEM
  remote: https://rubygems.org/
  specs:
    minitest (5.22.3)

PLATFORMS
  ruby
  x86_64-linux

DEPENDENCIES
  minitest

BUNDLED WITH
   2.5.7
