GEM
  remote: https://rubygems.org/
  specs:
    byebug (11.1.3)
    minitest (5.22.3)

PLATFORMS
  ruby
  x86_64-linux

DEPENDENCIES
  byebug
  minitest

BUNDLED WITH
   2.5.7
